GEM
  remote: https://rubygems.org/
  specs:
    fileutils (1.4.1)
    json (2.3.0)
    mini_portile2 (2.4.0)
    nokogiri (1.10.9)
      mini_portile2 (~> 2.4.0)

PLATFORMS
  ruby

DEPENDENCIES
  fileutils
  json
  nokogiri

BUNDLED WITH
   2.1.4
